GIT
  remote: git://github.com/nightsailer/padrino-sprockets.git
  revision: ae18862677fe8a6fe36c85dbc5b016ed919421ba
  specs:
    padrino-sprockets (0.0.3)
      sprockets

GEM
  remote: https://rubygems.org/
  specs:
    POpen4 (0.1.4)
      Platform (>= 0.4.0)
      open4
    Platform (0.4.0)
    activemodel (3.2.21)
      activesupport (= 3.2.21)
      builder (~> 3.0.0)
    activerecord (3.2.21)
      activemodel (= 3.2.21)
      activesupport (= 3.2.21)
      arel (~> 3.0.2)
      tzinfo (~> 0.3.29)
    activesupport (3.2.21)
      i18n (~> 0.6, >= 0.6.4)
      multi_json (~> 1.0)
    arel (3.0.3)
    bcrypt-ruby (3.0.1)
    better_errors (2.1.1)
      coderay (>= 1.0.0)
      erubis (>= 2.6.6)
      rack (>= 0.9.0)
    builder (3.0.4)
    celluloid (0.16.0)
      timers (~> 4.0.0)
    coderay (1.1.0)
    daemons (1.1.9)
    diff-lcs (1.2.5)
    erubis (2.7.0)
    eventmachine (1.0.4)
    execjs (2.2.2)
    factory_girl (4.4.0)
      activesupport (>= 3.0.0)
    ffi (1.9.6)
    formatador (0.2.5)
    guard (2.11.1)
      formatador (>= 0.2.4)
      listen (~> 2.7)
      lumberjack (~> 1.0)
      nenv (~> 0.1)
      notiffany (~> 0.0)
      pry (>= 0.9.12)
      shellany (~> 0.0)
      thor (>= 0.18.1)
    guard-rspec (4.3.1)
      guard (~> 2.1)
      rspec (>= 2.14, < 4.0)
    hike (1.2.3)
    hitimes (1.2.2)
    http_router (0.11.1)
      rack (>= 1.0.0)
      url_mount (~> 0.2.1)
    i18n (0.7.0)
    libnotify (0.8.2)
      ffi (>= 1.0.11)
    listen (2.8.5)
      celluloid (>= 0.15.2)
      rb-fsevent (>= 0.9.3)
      rb-inotify (>= 0.9)
    lumberjack (1.0.9)
    mail (2.5.4)
      mime-types (~> 1.16)
      treetop (~> 1.4.8)
    method_source (0.8.2)
    mime-types (1.25.1)
    moneta (0.7.20)
    multi_json (1.10.1)
    nenv (0.2.0)
    notiffany (0.0.3)
      nenv (~> 0.1)
      shellany (~> 0.0)
    open4 (1.3.4)
    padrino (0.12.4)
      padrino-admin (= 0.12.4)
      padrino-cache (= 0.12.4)
      padrino-core (= 0.12.4)
      padrino-gen (= 0.12.4)
      padrino-helpers (= 0.12.4)
      padrino-mailer (= 0.12.4)
      padrino-support (= 0.12.4)
    padrino-admin (0.12.4)
      padrino-core (= 0.12.4)
      padrino-helpers (= 0.12.4)
    padrino-cache (0.12.4)
      moneta (~> 0.7.0)
      padrino-core (= 0.12.4)
      padrino-helpers (= 0.12.4)
    padrino-core (0.12.4)
      activesupport (>= 3.1)
      http_router (~> 0.11.0)
      padrino-support (= 0.12.4)
      rack-protection (>= 1.5.0)
      sinatra (~> 1.4.2)
      thor (~> 0.18)
    padrino-gen (0.12.4)
      bundler (~> 1.0)
      padrino-core (= 0.12.4)
    padrino-helpers (0.12.4)
      i18n (~> 0.6, >= 0.6.7)
      padrino-support (= 0.12.4)
      tilt (~> 1.4.1)
    padrino-mailer (0.12.4)
      mail (~> 2.5.3)
      padrino-core (= 0.12.4)
    padrino-support (0.12.4)
      activesupport (>= 3.1)
    polyglot (0.3.5)
    pry (0.9.12.6)
      coderay (~> 1.0)
      method_source (~> 0.8)
      slop (~> 3.4)
    rack (1.6.0)
    rack-protection (1.5.3)
      rack
    rack-test (0.6.2)
      rack (>= 1.0)
    rake (10.4.2)
    rb-fsevent (0.9.4)
    rb-inotify (0.9.5)
      ffi (>= 0.5.0)
    rspec (2.14.1)
      rspec-core (~> 2.14.0)
      rspec-expectations (~> 2.14.0)
      rspec-mocks (~> 2.14.0)
    rspec-core (2.14.8)
    rspec-expectations (2.14.5)
      diff-lcs (>= 1.1.3, < 2.0)
    rspec-mocks (2.14.6)
    shellany (0.0.1)
    sinatra (1.4.5)
      rack (~> 1.4)
      rack-protection (~> 1.4)
      tilt (~> 1.3, >= 1.3.4)
    slop (3.6.0)
    sprockets (2.12.3)
      hike (~> 1.2)
      multi_json (~> 1.0)
      rack (~> 1.0)
      tilt (~> 1.1, != 1.3.0)
    sqlite3 (1.3.10)
    thin (1.6.2)
      daemons (>= 1.0.9)
      eventmachine (>= 1.0.0)
      rack (>= 1.0.0)
    thor (0.19.1)
    tilt (1.4.1)
    timerizer (0.1.4)
    timers (4.0.1)
      hitimes
    treetop (1.4.15)
      polyglot
      polyglot (>= 0.3.1)
    tzinfo (0.3.42)
    uglifier (2.1.1)
      execjs (>= 0.3.0)
      multi_json (~> 1.0, >= 1.0.2)
    url_mount (0.2.1)
      rack
    wirble (0.1.3)
    yui-compressor (0.9.6)
      POpen4 (>= 0.1.4)

PLATFORMS
  ruby

DEPENDENCIES
  activerecord (~> 3.2.9)
  bcrypt-ruby (= 3.0.1)
  better_errors (~> 2.1.1)
  erubis (~> 2.7.0)
  factory_girl (= 4.4.0)
  guard-rspec
  libnotify (= 0.8.2)
  padrino (= 0.12.4)
  padrino-sprockets!
  pry (= 0.9.12.6)
  rack-test (= 0.6.2)
  rake (= 10.4.2)
  rspec (= 2.14.1)
  sqlite3 (~> 1.3.9)
  thin (= 1.6.2)
  tilt (= 1.4.1)
  timerizer (= 0.1.4)
  uglifier (= 2.1.1)
  wirble (= 0.1.3)
  yui-compressor (= 0.9.6)

BUNDLED WITH
   1.10.6
